GEM
  remote: https://rubygems.org/
  specs:
    aws-sdk (2.3.2)
      aws-sdk-resources (= 2.3.2)
    aws-sdk-core (2.3.2)
      jmespath (~> 1.0)
    aws-sdk-resources (2.3.2)
      aws-sdk-core (= 2.3.2)
    dotenv (2.1.1)
    jmespath (1.2.4)
      json_pure (>= 1.8.1)
    json_pure (1.8.3)

PLATFORMS
  ruby

DEPENDENCIES
  aws-sdk (~> 2)
  dotenv

BUNDLED WITH
   1.12.3
